PATH
  remote: .
  specs:
    rdoctor (0.0.1)

GEM
  remote: https://rubygems.org/
  specs:
    actionmailer (2.3.18)
      actionpack (= 2.3.18)
    actionpack (2.3.18)
      activesupport (= 2.3.18)
      rack (~> 1.1.0)
    activerecord (2.3.18)
      activesupport (= 2.3.18)
    activeresource (2.3.18)
      activesupport (= 2.3.18)
    activesupport (2.3.18)
    aruba (0.5.3)
      childprocess (>= 0.3.6)
      cucumber (>= 1.1.1)
      rspec-expectations (>= 2.7.0)
    builder (3.2.2)
    childprocess (0.3.9)
      ffi (~> 1.0, >= 1.0.11)
    cucumber (1.3.2)
      builder (>= 2.1.2)
      diff-lcs (>= 1.1.3)
      gherkin (~> 2.12.0)
      multi_json (~> 1.3)
    diff-lcs (1.2.4)
    ffi (1.9.0)
    gherkin (2.12.0)
      multi_json (~> 1.3)
    json (1.8.0)
    multi_json (1.7.7)
    rack (1.1.6)
    rails (2.3.18)
      actionmailer (= 2.3.18)
      actionpack (= 2.3.18)
      activerecord (= 2.3.18)
      activeresource (= 2.3.18)
      activesupport (= 2.3.18)
      rake (>= 0.8.3)
    rake (10.1.0)
    rspec-expectations (2.13.0)
      diff-lcs (>= 1.1.3, < 2.0)

PLATFORMS
  ruby

DEPENDENCIES
  aruba
  bundler (~> 1.3)
  cucumber
  json
  rails
  rake
  rdoctor!
