PATH
  remote: .
  specs:
    rdoctor (0.0.1)

GEM
  remote: https://rubygems.org/
  specs:
    aruba (0.5.1)
      childprocess (~> 0.3.6)
      cucumber (>= 1.1.1)
      rspec-expectations (>= 2.7.0)
    builder (3.2.0)
    childprocess (0.3.9)
      ffi (~> 1.0, >= 1.0.11)
    cucumber (1.2.5)
      builder (>= 2.1.2)
      diff-lcs (>= 1.1.3)
      gherkin (~> 2.11.7)
      multi_json (~> 1.3)
    diff-lcs (1.2.3)
    ffi (1.7.0)
    gherkin (2.11.8)
      multi_json (~> 1.3)
    multi_json (1.7.2)
    rake (10.0.4)
    rspec-expectations (2.13.0)
      diff-lcs (>= 1.1.3, < 2.0)

PLATFORMS
  ruby

DEPENDENCIES
  aruba
  cucumber
  rake
  rdoctor!
